GEM
  remote: http://rubygems.org/
  specs:
    addressable (2.2.6)
    chunky_png (1.2.5)
    diff-lcs (1.1.3)
    dimensions (1.0.0)
    domo-rb (0.0.3)
    git (1.2.5)
    jeweler (1.6.4)
      bundler (~> 1.0)
      git (>= 1.2.5)
      rake
    json (1.6.1)
    json (1.6.1-java)
    mime-types (1.17.2)
    nokogiri (1.5.0)
    nokogiri (1.5.0-java)
    rack (1.3.5)
    rack-cache (1.1)
      rack (>= 0.4)
    rake (0.9.2.2)
    rest-client (1.6.7)
      mime-types (>= 1.16)
    rest-client-components (1.2.0)
      rack (>= 1.0.1)
      rest-client (>= 1.6.0, < 1.7.0)
    rspec (2.7.0)
      rspec-core (~> 2.7.0)
      rspec-expectations (~> 2.7.0)
      rspec-mocks (~> 2.7.0)
    rspec-core (2.7.1)
    rspec-expectations (2.7.0)
      diff-lcs (~> 1.1.2)
    rspec-mocks (2.7.0)

PLATFORMS
  java
  ruby

DEPENDENCIES
  addressable
  bundler (~> 1.0.0)
  chunky_png
  dimensions
  domo-rb
  jeweler (~> 1.6.2)
  json
  nokogiri
  rack-cache
  rake
  rest-client
  rest-client-components
  rspec (~> 2.7.0)
