GEM
  remote: http://rubygems.org/
  specs:
    addressable (2.2.2)
    chunky_png (1.2.0)
    crack (0.1.8)
    diff-lcs (1.1.2)
    dimensions (1.0.0)
    git (1.2.5)
    httparty (0.7.8)
      crack (= 0.1.8)
    jeweler (1.6.2)
      bundler (~> 1.0)
      git (>= 1.2.5)
      rake
    mime-types (1.16)
    nokogiri (1.5.0)
    rack (1.3.0)
    rack-cache (1.0.2)
      rack (>= 0.4)
    rake (0.9.2)
    rcov (0.9.9)
    rest-client (1.6.3)
      mime-types (>= 1.16)
    rest-client-components (1.2.0)
      rack (>= 1.0.1)
      rest-client (>= 1.6.0, < 1.7.0)
    rspec (2.3.0)
      rspec-core (~> 2.3.0)
      rspec-expectations (~> 2.3.0)
      rspec-mocks (~> 2.3.0)
    rspec-core (2.3.1)
    rspec-expectations (2.3.0)
      diff-lcs (~> 1.1.2)
    rspec-mocks (2.3.0)

PLATFORMS
  ruby

DEPENDENCIES
  addressable
  bundler (~> 1.0.0)
  chunky_png
  dimensions
  httparty
  jeweler (~> 1.6.2)
  nokogiri
  rack-cache
  rcov
  rest-client
  rest-client-components
  rspec (~> 2.3.0)
