GEM
  remote: http://rubygems.org/
  specs:
    addressable (2.2.6)
    chunky_png (1.2.5)
    diff-lcs (1.1.3)
    dimensions (1.0.0)
    git (1.2.5)
    httparty (0.8.0)
      multi_json
      multi_xml
    jeweler (1.6.4)
      bundler (~> 1.0)
      git (>= 1.2.5)
      rake
    json (1.6.1)
    json (1.6.1-java)
    macaddr (1.4.0)
      systemu (~> 2.2.0)
    mime-types (1.16)
    multi_json (1.0.3)
    multi_xml (0.4.0)
    nokogiri (1.5.0)
    nokogiri (1.5.0-java)
    rack (1.3.3)
    rack-cache (1.1)
      rack (>= 0.4)
    rake (0.9.2)
    rcov (0.9.10)
    rcov (0.9.10-java)
    rest-client (1.6.7)
      mime-types (>= 1.16)
    rest-client-components (1.2.0)
      rack (>= 1.0.1)
      rest-client (>= 1.6.0, < 1.7.0)
    rspec (2.3.0)
      rspec-core (~> 2.3.0)
      rspec-expectations (~> 2.3.0)
      rspec-mocks (~> 2.3.0)
    rspec-core (2.3.1)
    rspec-expectations (2.3.0)
      diff-lcs (~> 1.1.2)
    rspec-mocks (2.3.0)
    systemu (2.2.0)
    uuid (2.3.4)
      macaddr (~> 1.0)

PLATFORMS
  java
  ruby

DEPENDENCIES
  addressable
  bundler (~> 1.0.0)
  chunky_png
  dimensions
  httparty
  jeweler (~> 1.6.2)
  json
  nokogiri
  rack-cache
  rake
  rcov
  rest-client
  rest-client-components
  rspec (~> 2.3.0)
  uuid
